PATH
  remote: .
  specs:
    chef-idm (0.1.0)
      net-ldap

GEM
  remote: https://rubygems.org/
  specs:
    diff-lcs (1.3)
    net-ldap (0.17.1)
    rake (13.0.1)
    rspec (3.8.0)
      rspec-core (~> 3.8.0)
      rspec-expectations (~> 3.8.0)
      rspec-mocks (~> 3.8.0)
    rspec-core (3.8.0)
      rspec-support (~> 3.8.0)
    rspec-expectations (3.8.2)
      diff-lcs (>= 1.2.0, < 2.0)
      rspec-support (~> 3.8.0)
    rspec-mocks (3.8.0)
      diff-lcs (>= 1.2.0, < 2.0)
      rspec-support (~> 3.8.0)
    rspec-support (3.8.0)

PLATFORMS
  ruby

DEPENDENCIES
  bundler
  chef-idm!
  rake
  rspec

BUNDLED WITH
   1.17.3
